ObjectType = Image
NDims = 3
BinaryData = True
BinaryDataByteOrderMSB = False
CompressedData = False
TransformMatrix = 1 0 0 0 1 0 0 0 1
Offset = 0 0 0
CenterOfRotation = 0 0 0
AnatomicalOrientation = RAI
ElementSpacing = 0.28999999999999998 0.28999999999999998 0.28999999999999998
DimSize = 128 128 420
ElementType = MET_DOUBLE
ElementDataFile = dose_edep.raw
